RESTRICTION: == net461
NUGET
  remote: https://www.nuget.org/api/v2
    Antlr3.Runtime (3.5.1)
    Castle.Core (4.2.1)
    Castle.Core-NLog (4.2.1)
      Castle.Core (4.2.1)
      NLog (>= 4.4.1)
    Castle.Facilities.AutoTx (3.2.207.2207)
      Castle.Core (>= 3.0.0.4001)
      Castle.Transactions (3.2.207.2207)
      Castle.Windsor (>= 3.0.0.4001)
    Castle.FactorySupportFacility (4.1)
      Castle.Windsor (4.1)
    Castle.LoggingFacility (4.1)
      Castle.Windsor (4.1)
    Castle.Transactions (3.2.207.2207)
    Castle.Windsor (4.1)
      Castle.Core (>= 4.2)
    EntityFramework (6.2)
    FluentNHibernate (2.1.2)
      NHibernate (>= 5.1.1)
    Iesi.Collections (4.0.4)
    NHibernate (5.1.2)
      Antlr3.Runtime (>= 3.5.1 < 4.0)
      Iesi.Collections (>= 4.0.4 < 5.0)
      Remotion.Linq (>= 2.1.2 < 3.0)
      Remotion.Linq.EagerFetching (>= 2.1 < 3.0)
    NHibernate.Mapping.Attributes (5.1)
    NLog (4.5.4)
    NuGet.CommandLine (4.6.2)
    NUnit (3.10.1)
    Remotion.Linq (2.2)
    Remotion.Linq.EagerFetching (2.2)
      Remotion.Linq (>= 2.2)
    SQLitex64 (1.0.66)
    System.Data.SQLite (1.0.108)
      System.Data.SQLite.Core (>= 1.0.108)
      System.Data.SQLite.EF6 (>= 1.0.108)
      System.Data.SQLite.Linq (>= 1.0.108)
    System.Data.SQLite.Core (1.0.108)
    System.Data.SQLite.EF6 (1.0.108)
      EntityFramework (>= 6.0)
    System.Data.SQLite.Linq (1.0.108)
    Topshelf (4.0.4)
    Topshelf.NLog (4.0.4)
      NLog (>= 4.3.10)
      Topshelf (>= 4.0.4)
